GIT
  remote: git://github.com/nathanvda/cocoon
  revision: 511c0a8e45d9640b694ac781890a371749ed3890
  specs:
    cocoon (1.1.2)

GEM
  remote: https://rubygems.org/
  specs:
    actionmailer (4.0.0)
      actionpack (= 4.0.0)
      mail (~> 2.5.3)
    actionpack (4.0.0)
      activesupport (= 4.0.0)
      builder (~> 3.1.0)
      erubis (~> 2.7.0)
      rack (~> 1.5.2)
      rack-test (~> 0.6.2)
    activemodel (4.0.0)
      activesupport (= 4.0.0)
      builder (~> 3.1.0)
    activerecord (4.0.0)
      activemodel (= 4.0.0)
      activerecord-deprecated_finders (~> 1.0.2)
      activesupport (= 4.0.0)
      arel (~> 4.0.0)
    activerecord-deprecated_finders (1.0.3)
    activesupport (4.0.0)
      i18n (~> 0.6, >= 0.6.4)
      minitest (~> 4.2)
      multi_json (~> 1.3)
      thread_safe (~> 0.1)
      tzinfo (~> 0.3.37)
    airbrake (3.1.12)
      activesupport
      builder
      json
    ansi (1.4.3)
    arel (4.0.0)
    atomic (1.1.10)
    backup (3.4.0)
      open4 (~> 1.3.0)
      thor (>= 0.15.4, < 2)
    bcrypt-ruby (3.1.0)
    better_errors (0.9.0)
      coderay (>= 1.0.0)
      erubis (>= 2.6.6)
    builder (3.1.4)
    capi (0.1.1)
      capistrano
    capistrano (2.15.5)
      highline
      net-scp (>= 1.0.0)
      net-sftp (>= 2.0.0)
      net-ssh (>= 2.0.14)
      net-ssh-gateway (>= 1.1.0)
    capistrano-ext (1.2.1)
      capistrano (>= 1.0.0)
    capistrano_colors (0.5.5)
    carrierwave (0.8.0)
      activemodel (>= 3.2.0)
      activesupport (>= 3.2.0)
    chattyproc (1.0.0)
    chronic (0.9.1)
    ci_reporter (1.9.0)
      builder (>= 2.1.2)
    ckeditor (4.0.4)
      mime-types
      orm_adapter
    client_side_validations (3.2.5)
    coderay (1.0.9)
    coffee-rails (4.0.0)
      coffee-script (>= 2.2.0)
      railties (>= 4.0.0.beta, < 5.0)
    coffee-script (2.2.0)
      coffee-script-source
      execjs
    coffee-script-source (1.6.3)
    colorize (0.5.8)
    commonjs (0.2.6)
    configus (0.0.4)
      rake
    coveralls (0.6.7)
      colorize
      multi_json (~> 1.3)
      rest-client
      simplecov (>= 0.7)
      thor
    date_validator (0.7.0)
      activemodel (>= 3)
    draper (1.2.1)
      actionpack (>= 3.0)
      activesupport (>= 3.0)
      request_store (~> 1.0.3)
    erubis (2.7.0)
    execjs (1.4.0)
      multi_json (~> 1.0)
    factory_girl (4.2.0)
      activesupport (>= 3.0.0)
    factory_girl_rails (4.2.1)
      factory_girl (~> 4.2.0)
      railties (>= 3.0.0)
    gon (4.1.1)
      actionpack (>= 2.3.0)
      json
    haml (4.0.3)
      tilt
    haml-rails (0.4)
      actionpack (>= 3.1, < 4.1)
      activesupport (>= 3.1, < 4.1)
      haml (>= 3.1, < 4.1)
      railties (>= 3.1, < 4.1)
    highline (1.6.19)
    hike (1.2.3)
    i18n (0.6.4)
    jquery-rails (3.0.2)
      railties (>= 3.0, < 5.0)
      thor (>= 0.14, < 2.0)
    jquery-ui-rails (4.0.3)
      jquery-rails
      railties (>= 3.1.0)
    json (1.8.0)
    kaminari (0.14.1)
      actionpack (>= 3.0.0)
      activesupport (>= 3.0.0)
    kgio (2.8.0)
    less (2.3.2)
      commonjs (~> 0.2.6)
    less-rails (2.3.3)
      actionpack (>= 3.1)
      less (~> 2.3.1)
    libv8 (3.11.8.3)
    mail (2.5.4)
      mime-types (~> 1.16)
      treetop (~> 1.4.8)
    meta_search (0.5.4)
      actionpack (>= 3.0.0.beta4)
      activerecord (>= 3.0.0.beta4)
      activesupport (>= 3.0.0.beta4)
      arel (>= 0.4.0)
    metaclass (0.0.1)
    mime-types (1.23)
    mini_magick (3.6.0)
      subexec (~> 0.2.1)
    minitest (4.3.3)
    mocha (0.14.0)
      metaclass (~> 0.0.1)
    multi_json (1.7.7)
    net-scp (1.1.2)
      net-ssh (>= 2.6.5)
    net-sftp (2.1.2)
      net-ssh (>= 2.6.5)
    net-ssh (2.6.8)
    net-ssh-gateway (1.2.0)
      net-ssh (>= 2.6.5)
    open4 (1.3.0)
    orm_adapter (0.4.0)
    pg (0.15.1)
    polyglot (0.3.3)
    rack (1.5.2)
    rack-test (0.6.2)
      rack (>= 1.0)
    rails (4.0.0)
      actionmailer (= 4.0.0)
      actionpack (= 4.0.0)
      activerecord (= 4.0.0)
      activesupport (= 4.0.0)
      bundler (>= 1.3.0, < 2.0)
      railties (= 4.0.0)
      sprockets-rails (~> 2.0.0)
    railties (4.0.0)
      actionpack (= 4.0.0)
      activesupport (= 4.0.0)
      rake (>= 0.8.7)
      thor (>= 0.18.1, < 2.0)
    raindrops (0.11.0)
    rake (10.1.0)
    ref (1.0.5)
    request_store (1.0.5)
    rest-client (1.6.7)
      mime-types (>= 1.16)
    ruby-ole (1.2.11.7)
    russian (0.6.0)
      i18n (>= 0.5.0)
    rvm-capistrano (1.4.0)
      capistrano (>= 2.0.0)
    sass (3.2.9)
    sass-rails (4.0.0)
      railties (>= 4.0.0.beta, < 5.0)
      sass (>= 3.1.10)
      sprockets-rails (~> 2.0.0)
    simple_form (1.4.1)
    simplecov (0.7.1)
      multi_json (~> 1.0)
      simplecov-html (~> 0.7.1)
    simplecov-html (0.7.1)
    spreadsheet (0.8.5)
      ruby-ole (>= 1.0)
    sprockets (2.10.0)
      hike (~> 1.2)
      multi_json (~> 1.0)
      rack (~> 1.0)
      tilt (~> 1.1, != 1.3.0)
    sprockets-rails (2.0.0)
      actionpack (>= 3.0)
      activesupport (>= 3.0)
      sprockets (~> 2.8)
    state_machine (1.2.0)
    subexec (0.2.3)
    tconsole (1.2.8)
      chattyproc (~> 1.0.0)
      minitest (~> 4.3.0)
      term-ansicolor (~> 1.0.7)
    term-ansicolor (1.0.7)
    therubyracer (0.11.0beta5)
      ref
    thor (0.18.1)
    thread_safe (0.1.0)
      atomic
    tilt (1.4.1)
    to_xls (1.5.2)
      spreadsheet
    treetop (1.4.14)
      polyglot
      polyglot (>= 0.3.1)
    turn (0.9.6)
      ansi
    twitter-bootstrap-rails (2.2.7)
      actionpack (>= 3.1)
      execjs
      rails (>= 3.1)
      railties (>= 3.1)
    tzinfo (0.3.37)
    uglifier (2.1.1)
      execjs (>= 0.3.0)
      multi_json (~> 1.0, >= 1.0.2)
    unicorn (4.6.3)
      kgio (~> 2.6)
      rack
      raindrops (~> 0.7)
    usefull_scopes (0.2.1)
    validates (0.0.8)
      activemodel (>= 3.0.0)
      activesupport (>= 3.0.0)
    whenever (0.8.2)
      activesupport (>= 2.3.4)
      chronic (>= 0.6.3)

PLATFORMS
  ruby

DEPENDENCIES
  airbrake
  backup (> 3.0.24)
  bcrypt-ruby
  better_errors
  capi
  capistrano
  capistrano-ext
  capistrano_colors
  carrierwave (~> 0.8.0)
  ci_reporter
  ckeditor
  client_side_validations
  cocoon!
  coffee-rails
  configus
  coveralls
  date_validator
  draper
  factory_girl_rails
  gon
  haml-rails
  jquery-rails
  jquery-ui-rails
  kaminari
  less-rails
  libv8 (= 3.11.8.3)
  meta_search
  mini_magick
  minitest
  mocha
  pg
  rails
  russian
  rvm-capistrano
  sass-rails
  simple_form
  simplecov
  state_machine
  tconsole
  therubyracer (= 0.11.0beta5)
  to_xls
  turn
  twitter-bootstrap-rails
  uglifier
  unicorn
  usefull_scopes
  validates
  whenever
